##TITLE= Parameter file, TopSpin 4.0.3
##JCAMPDX= 5.0
##DATATYPE= Parameter Values
##NPOINTS= 2	$$ modification sequence number
##ORIGIN= Bruker BioSpin GmbH
##OWNER= nmr
$$ 2018-12-28 13:52:13.900 +0100  nmr@nmr800.nmr.mpibpc.mpg.de
$$ /opt/topspin4.0.3/data/chpa/20181228_dropplet_milk/39//specpar
$$ process /opt/topspin4.0.3/prog/mod/acqdataserver
##$ANCIEN= (0..7)
0 0 0 0 0 0 0 0
##$BF1= 100.13
##$BF2= 100.13
##$BF3= 100.13
##$DEC= 1
##$DECB= 1
##$DEF19F= yes
##$DEFRSEL= yes
##$HPMOD= (0..32)
0 0 0 0 0 0 0 0 0 0 0 0 0 0 0 0 0 0 0 0 0 0 0 0 0 0 0 0 0 0 0 0 0
##$HPPRECH= (0..32)
-1 -1 -1 -1 -1 -1 -1 -1 -1 -1 -1 -1 -1 -1 -1 -1 -1 -1 -1 -1 -1 -1 -1 -1
-1 -1 -1 -1 -1 -1 -1 -1 -1
##$HPSELECT= yes
##$LOCSW19F= -1
##$LOCSW2H= -1
##$NUC1= 10
##$NUC2= 1
##$NUC3= 0
##$NUC4= 0
##$NUC5= 0
##$NUC6= 0
##$NUC7= 0
##$NUC8= 0
##$NUCARR= (0..123)
799.35 799.35 122.705091922 852.618476169 608.936644656 117.633033441 310.657761319
112.323167216 85.879430223 256.463246169 200.99671737 57.763564939 80.997432072
108.363539029 752.140476928 63.103055076 211.44326265 48.933289373 208.285502417
158.808359284 323.582811177 61.358106 78.319585592 65.192787788 37.300652576
20.473791518 53.796486812 194.176079644 45.063628029 45.075642259 79.697664992
210.252614838 45.183226776 198.152614083 25.881178443 189.662366019 71.430323668
211.951433426 227.044919996 50.013754781 191.854823199 243.775403424 27.883845953
136.869615009 152.448139166 41.707860807 200.26898913 215.876601633 30.7557906
77.176786871 261.550949049 34.642406157 39.169732713 74.309958063 195.650264895
52.093047981 53.186310983 179.920303881 36.811274518 41.257403102 25.470864094
36.57905535 32.356241177 37.198016036 169.58593938 177.401144363 174.783912593
175.158599912 261.537320132 284.826462317 298.082666892 191.289067249 103.589501089
209.187832677 252.193078502 159.929839341 222.300721791 65.897782513 104.843881077
79.411082029 88.831189968 105.46863705 112.913311333 244.76097 43.564575
26.85816 33.332895 27.49764 198.71841 87.76863 24.540045 32.213805 192.16374
27.49764 38.52867 170.58129 23.02128 66.266115 139.880702511 38.5366635
91.157874 64.9951485 32.0299545 20.1196395 95.8388676 33.304014484 180.0503901
181.8649146 18.243812848 62.0727249 13.732833 14.9558385 171.834542904
13.8207615 143.170155657 52.849688711 456.6142992 461.095759053 167.228808107
128.449853628 14.7192309 29.016405 100 100
##$NUCOFFS= (0..127)
<13C> <1H> <15N> <2H> <14N> <> <> <> <> <> <> <> <> <> <> <> <> <> <> <>
<> <> <> <> <> <> <> <> <> <> <> <> <> <> <> <> <> <> <> <> <> <> <> <>
<> <> <> <> <> <> <> <> <> <> <> <> <> <> <> <> <> <> <> <> <> <> <> <>
<> <> <> <> <> <> <> <> <> <> <> <> <> <> <> <> <> <> <> <> <> <> <> <>
<> <> <> <> <> <> <> <> <> <> <> <> <> <> <> <> <> <> <> <> <> <> <> <>
<> <> <> <> <> <> <> <> <> <> <> <>
##$OBS= 1
##$OFFS= (0..127)
0 3757.41 0 0 0 0 0 0 0 0 0 0 0 0 0 0 0 0 0 0 0 0 0 0 0 0 0 0 0 0 0 0 0
0 0 0 0 0 0 0 0 0 0 0 0 0 0 0 0 0 0 0 0 0 0 0 0 0 0 0 0 0 0 0 0 0 0 0 0
0 0 0 0 0 0 0 0 0 0 0 0 0 0 0 0 0 0 0 0 0 0 0 0 0 0 0 0 0 0 0 0 0 0 0 0
0 0 0 0 0 0 0 0 0 0 0 0 0 0 0 0 0 0 0 0 0 0 0
##$OFFSF= (0..7)
0 0 0 0 0 0 0 0
##$OFFSH= (0..7)
0 0 0 0 0 0 0 0
##$OFFSX= (0..7)
0 0 0 0 0 0 0 0
##$OFFSXAS= (0..7)
0 0 0 0 0 0 0 0
##$OFSF1= 0
##$OFSF2= 0
##$OFSH1= 0
##$OFSH2= 0
##$OFSH3= 0
##$OFSX1= 0
##$OFSX2= 0
##$OFSY= 0
##$PACOIL= (0..32)
0 0 0 0 0 0 0 0 0 0 0 0 0 0 0 0 0 0 0 0 0 0 0 0 0 0 0 0 0 0 0 0 0
##$PRECHAN= (0..32)
-1 2 -1 0 1 3 -1 -1 -1 -1 -1 -1 -1 -1 -1 -1 -1 -1 -1 -1 -1 -1 -1 -1 -1
-1 -1 -1 -1 -1 -1 -1 -1
##$RECPRE= (0..25)
-1 0 1 2 3 -1 -1 -1 -1 -1 -1 -1 -1 -1 -1 -1 -1 -1 -1 -1 -1 -1 -1 -1 -1
-1
##$RECPRFX= (0..32)
1 1 1 1 0 0 0 0 0 0 0 0 0 0 0 0 0 0 0 0 0 0 0 0 0 0 0 0 0 0 0 0 0
##$RECSEL= (0..24)
0 1 2 3 4 0 0 0 0 0 0 0 0 0 0 0 0 0 0 0 0 0 0 0 0
##$SELREC= (0..24)
0 0 0 0 0 0 0 0 0 0 0 0 0 0 0 0 0 0 0 0 0 0 0 0 0
##$SFO1= 201.016817
##$SFO2= 799.353197
##$SFO3= 799.3701
##$SFO4= 799.3701
##$SFO5= 799.3701
##$SFO6= 799.3701
##$SFO7= 799.3701
##$SFO8= 799.3701
##$TY= (0..123)
0 0 0 0 0 0 0 0 0 0 0 0 0 0 0 0 0 0 0 0 0 0 0 0 0 0 0 0 0 0 0 0 0 0 0 0
0 0 0 0 0 0 0 0 0 0 0 0 0 0 0 0 0 0 0 0 0 0 0 0 0 0 0 0 0 0 0 0 0 0 0 0
0 0 0 0 0 0 0 0 0 0 0 0 0 0 0 0 0 0 0 0 0 0 0 0 0 0 0 0 0 0 0 0 0 0 0 0
0 0 0 0 0 0 0 0 0 0 0 0 0 0 0 0
##END=
